GIT
  remote: git://github.com/djtal/googlecharts.git
  revision: a7ab69a41bca30993b701291ac6288c5acdcd3b9
  specs:
    googlecharts (1.6.7)

GEM
  remote: https://rubygems.org/
  specs:
    actionmailer (4.1.16)
      actionpack (= 4.1.16)
      actionview (= 4.1.16)
      mail (~> 2.5, >= 2.5.4)
    actionpack (4.1.16)
      actionview (= 4.1.16)
      activesupport (= 4.1.16)
      rack (~> 1.5.2)
      rack-test (~> 0.6.2)
    actionview (4.1.16)
      activesupport (= 4.1.16)
      builder (~> 3.1)
      erubis (~> 2.7.0)
    activemodel (4.1.16)
      activesupport (= 4.1.16)
      builder (~> 3.1)
    activerecord (4.1.16)
      activemodel (= 4.1.16)
      activesupport (= 4.1.16)
      arel (~> 5.0.0)
    activesupport (4.1.16)
      i18n (~> 0.6, >= 0.6.9)
      json (~> 1.7, >= 1.7.7)
      minitest (~> 5.1)
      thread_safe (~> 0.1)
      tzinfo (~> 1.1)
    arel (5.0.1.20140414130214)
    aws-sdk (1.43.1)
      json (~> 1.4)
      nokogiri (>= 1.4.4)
    builder (3.2.4)
    by_star (1.0.1)
      activerecord (>= 2.0.0)
      chronic
    capistrano (2.15.5)
      highline
      net-scp (>= 1.0.0)
      net-sftp (>= 2.0.0)
      net-ssh (>= 2.0.14)
      net-ssh-gateway (>= 1.1.0)
    chronic (0.6.6)
    cocaine (0.2.0)
    columnize (0.3.5)
    concurrent-ruby (1.1.10)
    daemons (1.1.4)
    dotenv (0.10.0)
    erubis (2.7.0)
    eventmachine (0.12.10)
    factory_girl (1.2.4)
    foreman (0.63.0)
      dotenv (>= 0.7)
      thor (>= 0.13.6)
    highline (1.6.21)
    i18n (0.9.5)
      concurrent-ruby (~> 1.0)
    json (1.8.6)
    kgio (2.9.2)
    linecache (0.46)
      rbx-require-relative (> 0.0.4)
    mail (2.7.1)
      mini_mime (>= 0.1.1)
    mime-types (1.17.2)
    mini_mime (1.1.2)
    minitest (5.16.0)
    mysql2 (0.2.18)
    net-scp (1.1.2)
      net-ssh (>= 2.6.5)
    net-sftp (2.1.2)
      net-ssh (>= 2.6.5)
    net-ssh (2.8.0)
    net-ssh-gateway (1.2.0)
      net-ssh (>= 2.6.5)
    newrelic_rpm (3.8.0.218)
    nokogiri (1.5.11)
    open4 (1.3.3)
    paperclip (2.4.5)
      activerecord (>= 2.3.0)
      activesupport (>= 2.3.2)
      cocaine (>= 0.0.2)
      mime-types
    rack (1.5.5)
    rack-test (0.6.3)
      rack (>= 1.0)
    rails (4.1.16)
      actionmailer (= 4.1.16)
      actionpack (= 4.1.16)
      actionview (= 4.1.16)
      activemodel (= 4.1.16)
      activerecord (= 4.1.16)
      activesupport (= 4.1.16)
      bundler (>= 1.3.0, < 2.0)
      railties (= 4.1.16)
      sprockets-rails (~> 2.0)
    rails-footnotes (3.6.7)
    railties (4.1.16)
      actionpack (= 4.1.16)
      activesupport (= 4.1.16)
      rake (>= 0.8.7)
      thor (>= 0.18.1, < 2.0)
    raindrops (0.13.0)
    rake (10.2.2)
    rbx-require-relative (0.0.5)
    rdoc (3.11)
      json (~> 1.4)
    recap (1.0.12)
      capistrano (~> 2.9)
      open4
      thor
    ruby-debug (0.10.4)
      columnize (>= 0.1)
      ruby-debug-base (~> 0.10.4.0)
    ruby-debug-base (0.10.4)
      linecache (>= 0.3)
    searchlogic (2.4.12)
      activerecord (>= 2.0.0)
    shoulda (2.10.3)
    simple_form (1.0.4)
    sprockets (3.7.2)
      concurrent-ruby (~> 1.0)
      rack (> 1, < 3)
    sprockets-rails (2.3.3)
      actionpack (>= 3.0)
      activesupport (>= 3.0)
      sprockets (>= 2.8, < 4.0)
    sqlite3 (1.3.4)
    sqlite3-ruby (1.3.3)
      sqlite3 (>= 1.3.3)
    term-ansicolor (1.0.7)
    thin (1.3.1)
      daemons (>= 1.0.9)
      eventmachine (>= 0.12.6)
      rack (>= 1.0.0)
    thor (0.19.1)
    thread_safe (0.3.6)
    tzinfo (1.2.9)
      thread_safe (~> 0.1)
    unicorn (4.8.2)
      kgio (~> 2.6)
      rack
      raindrops (~> 0.7)
    whenever (0.8.4)
      activesupport (>= 2.3.4)
      chronic (>= 0.6.3)
    will_paginate (2.3.16)
    wirb (0.4.1)

PLATFORMS
  ruby

DEPENDENCIES
  aws-sdk
  by_star (~> 1.0.0)
  capistrano (~> 2.15.4)
  factory_girl (= 1.2.4)
  foreman
  googlecharts!
  mysql2 (~> 0.2.7)
  newrelic_rpm
  nokogiri (~> 1.5.11)
  paperclip (~> 2.4)
  rails (= 4.1.16)
  rails-footnotes
  rake
  rdoc
  recap (~> 1.0.0)
  ruby-debug
  searchlogic (= 2.4.12)
  shoulda (= 2.10.3)
  simple_form (~> 1.0.4)
  sqlite3-ruby (~> 1.3.0)
  term-ansicolor
  thin
  unicorn
  whenever (= 0.8.4)
  will_paginate (~> 2.3.16)
  wirb
