GIT
  remote: git://github.com/djtal/googlecharts.git
  revision: a7ab69a41bca30993b701291ac6288c5acdcd3b9
  specs:
    googlecharts (1.6.7)

GEM
  remote: http://rubygems.org/
  specs:
    actionmailer (2.3.14)
      actionpack (= 2.3.14)
    actionpack (2.3.14)
      activesupport (= 2.3.14)
      rack (~> 1.1.0)
    activerecord (2.3.14)
      activesupport (= 2.3.14)
    activeresource (2.3.14)
      activesupport (= 2.3.14)
    activesupport (2.3.14)
    by_star (1.0.1)
      activerecord (>= 2.0.0)
      chronic
    chronic (0.6.6)
    cocaine (0.2.0)
    columnize (0.3.5)
    daemons (1.1.4)
    eventmachine (0.12.10)
    factory_girl (1.2.4)
    json (1.6.2)
    linecache (0.46)
      rbx-require-relative (> 0.0.4)
    mime-types (1.17.2)
    mysql (2.8.1)
    newrelic_rpm (3.3.0)
    paperclip (2.4.5)
      activerecord (>= 2.3.0)
      activesupport (>= 2.3.2)
      cocaine (>= 0.0.2)
      mime-types
    rack (1.1.2)
    rails (2.3.14)
      actionmailer (= 2.3.14)
      actionpack (= 2.3.14)
      activerecord (= 2.3.14)
      activeresource (= 2.3.14)
      activesupport (= 2.3.14)
      rake (>= 0.8.3)
    rails-footnotes (3.6.7)
    rake (0.9.2.2)
    rbx-require-relative (0.0.5)
    rdoc (3.11)
      json (~> 1.4)
    ruby-debug (0.10.4)
      columnize (>= 0.1)
      ruby-debug-base (~> 0.10.4.0)
    ruby-debug-base (0.10.4)
      linecache (>= 0.3)
    searchlogic (2.4.12)
      activerecord (>= 2.0.0)
    shoulda (2.10.3)
    simple_form (1.0.4)
    sqlite3 (1.3.4)
    sqlite3-ruby (1.3.3)
      sqlite3 (>= 1.3.3)
    term-ansicolor (1.0.7)
    thin (1.3.1)
      daemons (>= 1.0.9)
      eventmachine (>= 0.12.6)
      rack (>= 1.0.0)
    will_paginate (2.3.16)
    wirb (0.4.1)

PLATFORMS
  ruby

DEPENDENCIES
  by_star (~> 1.0.0)
  factory_girl (= 1.2.4)
  googlecharts!
  mysql
  newrelic_rpm
  paperclip (~> 2.4)
  rails (~> 2.3.12)
  rails-footnotes
  rdoc
  ruby-debug
  searchlogic (= 2.4.12)
  shoulda (= 2.10.3)
  simple_form (~> 1.0.4)
  sqlite3-ruby (~> 1.3.0)
  term-ansicolor
  thin
  will_paginate (~> 2.3.16)
  wirb
