GIT
  remote: git://github.com/djtal/googlecharts.git
  revision: a7ab69a41bca30993b701291ac6288c5acdcd3b9
  specs:
    googlecharts (1.6.7)

GEM
  remote: https://rubygems.org/
  specs:
    actionmailer (2.3.14)
      actionpack (= 2.3.14)
    actionpack (2.3.14)
      activesupport (= 2.3.14)
      rack (~> 1.1.0)
    activerecord (2.3.14)
      activesupport (= 2.3.14)
    activeresource (2.3.14)
      activesupport (= 2.3.14)
    activesupport (2.3.14)
    aws-sdk (1.43.1)
      json (~> 1.4)
      nokogiri (>= 1.4.4)
    by_star (1.0.1)
      activerecord (>= 2.0.0)
      chronic
    capistrano (2.15.5)
      highline
      net-scp (>= 1.0.0)
      net-sftp (>= 2.0.0)
      net-ssh (>= 2.0.14)
      net-ssh-gateway (>= 1.1.0)
    chronic (0.6.6)
    cocaine (0.2.0)
    columnize (0.3.5)
    daemons (1.1.4)
    dotenv (0.10.0)
    eventmachine (0.12.10)
    factory_girl (1.2.4)
    foreman (0.63.0)
      dotenv (>= 0.7)
      thor (>= 0.13.6)
    highline (1.6.21)
    json (1.8.6)
    kgio (2.9.2)
    linecache (0.46)
      rbx-require-relative (> 0.0.4)
    mime-types (1.17.2)
    mysql2 (0.2.18)
    net-scp (1.1.2)
      net-ssh (>= 2.6.5)
    net-sftp (2.1.2)
      net-ssh (>= 2.6.5)
    net-ssh (2.8.0)
    net-ssh-gateway (1.2.0)
      net-ssh (>= 2.6.5)
    newrelic_rpm (3.8.0.218)
    nokogiri (1.5.11)
    open4 (1.3.3)
    paperclip (2.4.5)
      activerecord (>= 2.3.0)
      activesupport (>= 2.3.2)
      cocaine (>= 0.0.2)
      mime-types
    rack (1.1.6)
    rails (2.3.14)
      actionmailer (= 2.3.14)
      actionpack (= 2.3.14)
      activerecord (= 2.3.14)
      activeresource (= 2.3.14)
      activesupport (= 2.3.14)
      rake (>= 0.8.3)
    rails-footnotes (3.6.7)
    raindrops (0.13.0)
    rake (10.2.2)
    rbx-require-relative (0.0.5)
    rdoc (6.1.1)
    recap (1.0.12)
      capistrano (~> 2.9)
      open4
      thor
    ruby-debug (0.10.4)
      columnize (>= 0.1)
      ruby-debug-base (~> 0.10.4.0)
    ruby-debug-base (0.10.4)
      linecache (>= 0.3)
    searchlogic (2.4.12)
      activerecord (>= 2.0.0)
    shoulda (2.10.3)
    simple_form (1.0.4)
    sqlite3 (1.3.4)
    sqlite3-ruby (1.3.3)
      sqlite3 (>= 1.3.3)
    term-ansicolor (1.0.7)
    thin (1.3.1)
      daemons (>= 1.0.9)
      eventmachine (>= 0.12.6)
      rack (>= 1.0.0)
    thor (0.19.1)
    unicorn (4.8.2)
      kgio (~> 2.6)
      rack
      raindrops (~> 0.7)
    whenever (0.8.4)
      activesupport (>= 2.3.4)
      chronic (>= 0.6.3)
    will_paginate (2.3.16)
    wirb (0.4.1)

PLATFORMS
  ruby

DEPENDENCIES
  aws-sdk
  by_star (~> 1.0.0)
  capistrano (~> 2.15.4)
  factory_girl (= 1.2.4)
  foreman
  googlecharts!
  mysql2 (~> 0.2.7)
  newrelic_rpm
  nokogiri (~> 1.5.11)
  paperclip (~> 2.4)
  rails (= 2.3.14)
  rails-footnotes
  rake
  rdoc
  recap (~> 1.0.0)
  ruby-debug
  searchlogic (= 2.4.12)
  shoulda (= 2.10.3)
  simple_form (~> 1.0.4)
  sqlite3-ruby (~> 1.3.0)
  term-ansicolor
  thin
  unicorn
  whenever (= 0.8.4)
  will_paginate (~> 2.3.16)
  wirb
