PATH
  remote: ../googlecharts
  specs:
    googlecharts (1.6.7)

GEM
  remote: http://rubygems.org/
  specs:
    actionmailer (2.3.12)
      actionpack (= 2.3.12)
    actionpack (2.3.12)
      activesupport (= 2.3.12)
      rack (~> 1.1.0)
    activerecord (2.3.12)
      activesupport (= 2.3.12)
    activeresource (2.3.12)
      activesupport (= 2.3.12)
    activesupport (2.3.12)
    builder (3.0.0)
    by_star (0.7.1)
      chronic (~> 0.2.3)
    cgi_multipart_eof_fix (2.5.0)
    chronic (0.2.3)
      hoe (>= 1.2.1)
    columnize (0.3.4)
    daemons (1.1.4)
    factory_girl (1.2.4)
    fastthread (1.0.7)
    gem_plugin (0.2.3)
    hoe (2.10.0)
      rake (~> 0.8)
    hoptoad_notifier (2.4.11)
      activesupport
      builder
    linecache (0.46)
      rbx-require-relative (> 0.0.4)
    mongrel (1.1.5)
      cgi_multipart_eof_fix (>= 2.4)
      daemons (>= 1.0.3)
      fastthread (>= 1.0.1)
      gem_plugin (>= 0.2.3)
    newrelic_rpm (3.1.0)
    paperclip (2.3.1.1)
    rack (1.1.2)
    rails (2.3.12)
      actionmailer (= 2.3.12)
      actionpack (= 2.3.12)
      activerecord (= 2.3.12)
      activeresource (= 2.3.12)
      activesupport (= 2.3.12)
      rake (>= 0.8.3)
    rails-footnotes (3.6.7)
    rake (0.9.2)
    rbx-require-relative (0.0.5)
    rdoc (3.8)
    ruby-debug (0.10.4)
      columnize (>= 0.1)
      ruby-debug-base (~> 0.10.4.0)
    ruby-debug-base (0.10.4)
      linecache (>= 0.3)
    searchlogic (2.4.12)
      activerecord (>= 2.0.0)
    shoulda (2.10.3)
    simple_form (1.0.3)
    sqlite3-ruby (1.3.1)
    will_paginate (2.3.15)

PLATFORMS
  ruby

DEPENDENCIES
  by_star (= 0.7.1)
  factory_girl (= 1.2.4)
  googlecharts!
  hoptoad_notifier (~> 2.4)
  mongrel (= 1.1.5)
  newrelic_rpm
  paperclip (= 2.3.1.1)
  rails (~> 2.3.5)
  rails-footnotes
  rdoc
  ruby-debug
  searchlogic (= 2.4.12)
  shoulda (= 2.10.3)
  simple_form (= 1.0.3)
  sqlite3-ruby (= 1.3.1)
  will_paginate (= 2.3.15)
