GEM
  remote: http://rubygems.org/
  specs:
    actionmailer (2.3.10)
      actionpack (= 2.3.10)
    actionpack (2.3.10)
      activesupport (= 2.3.10)
      rack (~> 1.1.0)
    activerecord (2.3.10)
      activesupport (= 2.3.10)
    activeresource (2.3.10)
      activesupport (= 2.3.10)
    activesupport (2.3.10)
    builder (2.1.2)
    by_star (0.7.1)
      chronic (~> 0.2.3)
    cgi_multipart_eof_fix (2.5.0)
    chronic (0.2.3)
      hoe (>= 1.2.1)
    columnize (0.3.2)
    daemons (1.1.0)
    factory_girl (1.2.4)
    fastthread (1.0.7)
    gem_plugin (0.2.3)
    hoe (2.7.0)
      rake (>= 0.8.7)
      rubyforge (>= 2.0.4)
    hoptoad_notifier (2.4.6)
      activesupport
      builder
    json_pure (1.4.6)
    linecache (0.43)
    mongrel (1.1.5)
      cgi_multipart_eof_fix (>= 2.4)
      daemons (>= 1.0.3)
      fastthread (>= 1.0.1)
      gem_plugin (>= 0.2.3)
    newrelic_rpm (2.10.8)
    paperclip (2.3.1.1)
    rack (1.1.0)
    rails (2.3.10)
      actionmailer (= 2.3.10)
      actionpack (= 2.3.10)
      activerecord (= 2.3.10)
      activeresource (= 2.3.10)
      activesupport (= 2.3.10)
      rake (>= 0.8.3)
    rails-footnotes (3.6.7)
    rake (0.8.7)
    ruby-debug (0.10.4)
      columnize (>= 0.1)
      ruby-debug-base (~> 0.10.4.0)
    ruby-debug-base (0.10.4)
      linecache (>= 0.3)
    rubyforge (2.0.4)
      json_pure (>= 1.1.7)
    searchlogic (2.4.12)
      activerecord (>= 2.0.0)
    shoulda (2.10.3)
    sqlite3-ruby (1.3.1)
    will_paginate (2.3.12)

PLATFORMS
  ruby

DEPENDENCIES
  by_star (= 0.7.1)
  factory_girl (= 1.2.4)
  hoptoad_notifier (~> 2.4)
  mongrel (= 1.1.5)
  newrelic_rpm (= 2.10.8)
  paperclip (= 2.3.1.1)
  rails (~> 2.3.5)
  rails-footnotes
  ruby-debug
  searchlogic (= 2.4.12)
  shoulda (= 2.10.3)
  sqlite3-ruby (= 1.3.1)
  will_paginate (= 2.3.12)
