GIT
  remote: git://github.com/djtal/googlecharts.git
  revision: a7ab69a41bca30993b701291ac6288c5acdcd3b9
  specs:
    googlecharts (1.6.7)

GEM
  remote: https://rubygems.org/
  specs:
    actionmailer (2.3.18)
      actionpack (= 2.3.18)
    actionpack (2.3.18)
      activesupport (= 2.3.18)
      rack (~> 1.1.0)
    activerecord (2.3.18)
      activesupport (= 2.3.18)
    activeresource (2.3.18)
      activesupport (= 2.3.18)
    activesupport (2.3.18)
    by_star (1.0.1)
      activerecord (>= 2.0.0)
      chronic
    capistrano (2.15.5)
      highline
      net-scp (>= 1.0.0)
      net-sftp (>= 2.0.0)
      net-ssh (>= 2.0.14)
      net-ssh-gateway (>= 1.1.0)
    chronic (0.6.6)
    cocaine (0.2.0)
    dotenv (0.10.0)
    factory_girl (1.2.4)
    foreman (0.63.0)
      dotenv (>= 0.7)
      thor (>= 0.13.6)
    highline (1.6.21)
    json (1.6.2)
    kgio (2.9.2)
    mime-types (1.17.2)
    mysql2 (0.2.18)
    net-scp (1.1.2)
      net-ssh (>= 2.6.5)
    net-sftp (2.1.2)
      net-ssh (>= 2.6.5)
    net-ssh (2.8.0)
    net-ssh-gateway (1.2.0)
      net-ssh (>= 2.6.5)
    newrelic_rpm (3.8.0.218)
    open4 (1.3.3)
    paperclip (2.4.5)
      activerecord (>= 2.3.0)
      activesupport (>= 2.3.2)
      cocaine (>= 0.0.2)
      mime-types
    rack (1.1.6)
    rails (2.3.18)
      actionmailer (= 2.3.18)
      actionpack (= 2.3.18)
      activerecord (= 2.3.18)
      activeresource (= 2.3.18)
      activesupport (= 2.3.18)
      rake (>= 0.8.3)
    rails-footnotes (3.6.7)
    raindrops (0.13.0)
    rake (10.2.2)
    rdoc (3.11)
      json (~> 1.4)
    recap (1.0.12)
      capistrano (~> 2.9)
      open4
      thor
    searchlogic (2.4.12)
      activerecord (>= 2.0.0)
    shoulda (2.10.3)
    simple_form (1.0.4)
    sqlite3 (1.3.4)
    sqlite3-ruby (1.3.3)
      sqlite3 (>= 1.3.3)
    term-ansicolor (1.0.7)
    thor (0.19.1)
    unicorn (4.8.2)
      kgio (~> 2.6)
      rack
      raindrops (~> 0.7)
    will_paginate (2.3.16)

PLATFORMS
  ruby

DEPENDENCIES
  by_star (~> 1.0.0)
  factory_girl (= 1.2.4)
  foreman
  googlecharts!
  mysql2 (~> 0.2.7)
  newrelic_rpm
  paperclip (~> 2.4)
  rails (~> 2.3)
  rails-footnotes
  rake
  rdoc
  recap (~> 1.0.0)
  searchlogic (= 2.4.12)
  shoulda (= 2.10.3)
  simple_form (~> 1.0.4)
  sqlite3-ruby (~> 1.3.0)
  term-ansicolor
  unicorn
  will_paginate (~> 2.3.16)
